GEM
  remote: https://rubygems.org/
  specs:
    ffi (1.15.5)
    numo-narray (0.9.2.1)
    rice (4.0.4)
    ruby-vips (2.1.4)
      ffi (~> 1.12)
    torch-rb (0.12.0)
      rice (>= 4.0.2)
    torchvision (0.2.2)
      numo-narray
      ruby-vips (>= 2.1.2)
      torch-rb (>= 0.3.7)

PLATFORMS
  x86_64-linux

DEPENDENCIES
  torchvision (~> 0.2.2)

BUNDLED WITH
   2.3.22
